GEM
  remote: https://rubygems.org/
  specs:
    activesupport (4.0.2)
      i18n (~> 0.6, >= 0.6.4)
      minitest (~> 4.2)
      multi_json (~> 1.3)
      thread_safe (~> 0.1)
      tzinfo (~> 0.3.37)
    atomic (1.1.14)
    i18n (0.6.9)
    little-plugger (1.1.3)
    logging (1.7.2)
      little-plugger (>= 1.1.3)
    mime-types (2.0)
    minitest (4.7.5)
    multi_json (1.8.2)
    rest-client (1.6.7)
      mime-types (>= 1.16)
    ruby-druid (0.1.3)
      rest-client
      zk
    thread_safe (0.1.3)
      atomic
    tzinfo (0.3.38)
    zk (1.9.2)
      logging (~> 1.7.2)
      zookeeper (~> 1.4.0)
    zookeeper (1.4.7)

PLATFORMS
  ruby

DEPENDENCIES
  activesupport
  i18n
  ruby-druid
