GEM
  remote: https://rubygems.org/
  specs:
    activesupport (4.0.4)
      i18n (~> 0.6, >= 0.6.9)
      minitest (~> 4.2)
      multi_json (~> 1.3)
      thread_safe (~> 0.1)
      tzinfo (~> 0.3.37)
    atomic (1.1.16-java)
    i18n (0.6.9)
    jdbc-mysql (5.1.28)
    little-plugger (1.1.3)
    logging (1.8.2)
      little-plugger (>= 1.1.3)
      multi_json (>= 1.8.4)
    mime-types (2.2)
    minitest (4.7.5)
    multi_json (1.9.2)
    rest-client (1.6.7)
      mime-types (>= 1.16)
    ruby-druid (0.1.4)
      rest-client
      zk
    slyphon-log4j (1.2.15)
    slyphon-zookeeper_jar (3.3.5-java)
    thread_safe (0.3.1-java)
      atomic (>= 1.1.7, < 2)
    tzinfo (0.3.39)
    zk (1.9.4)
      logging (~> 1.8.2)
      zookeeper (~> 1.4.0)
    zookeeper (1.4.8-java)
      slyphon-log4j (= 1.2.15)
      slyphon-zookeeper_jar (= 3.3.5)

PLATFORMS
  java

DEPENDENCIES
  activesupport
  i18n
  jdbc-mysql
  ruby-druid
