GIT
  remote: https://github.com/ruby-druid/ruby-druid.git
  revision: d163aecb7b4c9eedd2ee3a14cd59eacf2a74cfbe
  specs:
    ruby-druid (0.11.3)
      activemodel (>= 3.0.0)
      activesupport (>= 3.0.0)
      iso8601 (~> 0.8)
      multi_json (~> 1.0)
      rest-client (>= 1.8, < 3.0)
      zk (~> 1.9)

GEM
  remote: https://rubygems.org/
  specs:
    activemodel (7.0.4.1)
      activesupport (= 7.0.4.1)
    activesupport (7.0.4.1)
      concurrent-ruby (~> 1.0, >= 1.0.2)
      i18n (>= 1.6, < 2)
      minitest (>= 5.1)
      tzinfo (~> 2.0)
    addressable (2.7.0)
      public_suffix (>= 2.0.2, < 5.0)
    coderay (1.1.2)
    concurrent-ruby (1.1.10)
    deep_merge (1.2.1)
    diplomat (2.2.5)
      deep_merge (~> 1.0, >= 1.0.1)
      faraday (~> 0.9)
    domain_name (0.5.20190701)
      unf (>= 0.0.5, < 1.0.0)
    erubis (2.7.0)
    faraday (0.17.3)
      multipart-post (>= 1.2, < 3)
    http-accept (1.7.0)
    http-cookie (1.0.5)
      domain_name (~> 0.5)
    i18n (1.12.0)
      concurrent-ruby (~> 1.0)
    iso8601 (0.13.0)
    jmx4r (0.1.4)
    liquid-ext (3.5.3)
      activesupport
      erubis
      jmx4r
      mixlib-cli
      multi_json
      terminal-table
    method_source (0.9.2)
    mime-types (3.4.1)
      mime-types-data (~> 3.2015)
    mime-types-data (3.2022.0105)
    minitest (5.17.0)
    mixlib-cli (2.1.1)
    multi_json (1.13.1)
    multipart-post (2.1.1)
    mysql2 (0.5.2)
    netrc (0.11.0)
    pg (1.1.4)
    pry (0.12.2)
      coderay (~> 1.1.0)
      method_source (~> 0.9.0)
    public_suffix (4.0.1)
    rest-client (2.1.0)
      http-accept (>= 1.7.0, < 2.0)
      http-cookie (>= 1.0.2, < 2.0)
      mime-types (>= 1.16, < 4.0)
      netrc (~> 0.8)
    sequel (5.24.0)
    terminal-table (1.8.0)
      unicode-display_width (~> 1.1, >= 1.1.1)
    tzinfo (2.0.5)
      concurrent-ruby (~> 1.0)
    unf (0.1.4)
      unf_ext
    unf_ext (0.0.8.2)
    unicode-display_width (1.6.0)
    webhdfs (0.8.0)
      addressable
    zk (1.10.0)
      zookeeper (~> 1.5.0)
    zookeeper (1.5.5)

PLATFORMS
  ruby

DEPENDENCIES
  diplomat
  liquid-ext
  mysql2
  pg
  pry
  ruby-druid!
  sequel
  webhdfs

BUNDLED WITH
   1.17.3
